GEM
  remote: http://rubygems.org/
  specs:
    rack (3.0.3)
    rulers (0.1.0)
      rack (~> 3.0)

PLATFORMS
  x86_64-linux

DEPENDENCIES
  rulers

BUNDLED WITH
   2.4.3
